PATH
  remote: .
  specs:
    jekyll_figure (0.0.3)

GEM
  remote: https://rubygems.org/
  specs:
    rake (0.9.6)

PLATFORMS
  ruby

DEPENDENCIES
  bundler
  jekyll_figure!
  rake
